GEM
  remote: https://rubygems.org/
  specs:
    rufo (0.7.0)

PLATFORMS
  ruby

DEPENDENCIES
  rufo

BUNDLED WITH
   1.17.3
